GEM
  remote: https://rubygems.org/
  remote: https://pkgs.shopify.io/basic/gems/ruby/
  specs:
    byebug (11.1.3)
    coderay (1.1.3)
    method_source (1.0.0)
    pry (0.13.1)
      coderay (~> 1.1)
      method_source (~> 1.0)
    pry-byebug (3.9.0)
      byebug (~> 11.0)
      pry (~> 0.13.0)
    shopify-adt (1.0.10)
      sorbet-runtime (~> 0.5.9465)
    sorbet (0.5.9482)
      sorbet-static (= 0.5.9482)
    sorbet-runtime (0.5.9482)
    sorbet-static (0.5.9482-universal-darwin-14)

PLATFORMS
  ruby

DEPENDENCIES
  pry-byebug
  shopify-adt (~> 1.0.10)!
  sorbet
  sorbet-runtime

BUNDLED WITH
   1.17.2
